GEM
  remote: https://rubygems.org/
  specs:
    anemone (0.7.2)
      nokogiri (>= 1.3.0)
      robotex (>= 1.0.0)
    mini_portile2 (2.1.0)
    nokogiri (1.7.0.1)
      mini_portile2 (~> 2.1.0)
    robotex (1.0.0)

PLATFORMS
  ruby

DEPENDENCIES
  anemone (~> 0.7.2)

BUNDLED WITH
   1.14.3
